GEM
  remote: http://rubygems.org/
  specs:
    actionmailer (2.3.14)
      actionpack (= 2.3.14)
    actionpack (2.3.14)
      activesupport (= 2.3.14)
      rack (~> 1.1.0)
    activerecord (2.3.14)
      activesupport (= 2.3.14)
    activeresource (2.3.14)
      activesupport (= 2.3.14)
    activesupport (2.3.14)
    after_commit (1.0.10)
      activerecord (>= 1.15.6, < 3.0.0)
    annotate (2.4.0)
    builder (3.0.0)
    chronic (0.6.7)
    coderay (1.0.6)
    crack (0.3.1)
    execjs (1.4.0)
      multi_json (~> 1.0)
    haml (3.1.6)
    hiredis (0.4.5)
    hoptoad_notifier (2.4.11)
      activesupport
      builder
    hpricot (0.8.6)
    i18n (0.6.0)
    json (1.7.3)
    kgio (2.7.4)
    memcache-client (1.8.5)
    mime-types (1.18)
    mini_magick (3.4)
      subexec (~> 0.2.1)
    multi_json (1.3.6)
    mysql (2.8.1)
    newrelic-redis (1.3.2)
      newrelic_rpm (~> 3.0)
      redis (< 4.0)
    newrelic_rpm (3.4.0)
    paperclip (2.3.9)
      activerecord (~> 2.3.0)
      activesupport (~> 2.3.2)
    paperclip-meta (0.4.2)
      paperclip
    rack (1.1.3)
    rails (2.3.14)
      actionmailer (= 2.3.14)
      actionpack (= 2.3.14)
      activerecord (= 2.3.14)
      activeresource (= 2.3.14)
      activesupport (= 2.3.14)
      rake (>= 0.8.3)
    raindrops (0.9.0)
    rake (0.9.2.2)
    rdoc (3.12)
      json (~> 1.4)
    redis (3.0.1)
    redis-namespace (1.2.0)
      redis (~> 3.0.0)
    resque (1.8.2)
      redis
      redis-namespace
      sinatra (>= 0.9.2)
      vegas (>= 0.1.2)
    resque-lock (1.0.0)
    riddle (1.5.2)
    ruby-openid (2.1.8)
    russian (0.6.0)
      i18n (>= 0.5.0)
    sass (3.1.19)
    savon (0.7.9)
      builder (>= 2.1.2)
      crack (>= 0.1.4)
    sinatra (1.2.8)
      rack (~> 1.1)
      tilt (>= 1.2.2, < 2.0)
    subexec (0.2.2)
    system_timer (1.2.4)
    thinking-sphinx (1.4.12)
      activerecord (>= 1.15.6, < 3.0.0)
      after_commit (>= 1.0.7)
      riddle (>= 1.5.2)
    tilt (1.3.3)
    ts-datetime-delta (1.0.3)
      thinking-sphinx (>= 1.3.8)
    uglifier (1.2.4)
      execjs (>= 0.3.0)
      multi_json (>= 1.0.2)
    unicorn (4.3.1)
      kgio (~> 2.6)
      rack
      raindrops (~> 0.7)
    vegas (0.1.11)
      rack (>= 1.0.0)
    whenever (0.7.3)
      activesupport (>= 2.3.4)
      chronic (~> 0.6.3)
    will_paginate (2.3.16)

PLATFORMS
  ruby

DEPENDENCIES
  annotate
  coderay
  haml
  hiredis (~> 0.4.0)
  hoptoad_notifier
  hpricot
  json
  memcache-client
  mime-types
  mini_magick
  mysql
  newrelic-redis
  newrelic_rpm
  paperclip (= 2.3.9)
  paperclip-meta
  rails (= 2.3.14)
  rake
  rdoc
  redis (>= 2.2.0)
  resque
  resque-lock
  ruby-openid
  russian
  sass
  savon (= 0.7.9)
  system_timer
  thinking-sphinx
  ts-datetime-delta (>= 1.0.0)
  uglifier
  unicorn
  whenever
  will_paginate (~> 2.3.16)
