GEM
  remote: http://rubygems.org/
  remote: http://gems.rubyforge.org/
  remote: http://gemcutter.org/
  specs:
    RubyInline (3.9.0)
      ZenTest (~> 4.3)
    ZenTest (4.5.0)
    aaronh-chronic (0.3.9)
    actionmailer (2.3.8)
      actionpack (= 2.3.8)
    actionpack (2.3.8)
      activesupport (= 2.3.8)
      rack (~> 1.1.0)
    activerecord (2.3.8)
      activesupport (= 2.3.8)
    activeresource (2.3.8)
      activesupport (= 2.3.8)
    activesupport (2.3.8)
    after_commit (1.0.10)
      activerecord (< 3.0.0, >= 1.15.6)
    annotate (2.4.0)
    builder (3.0.0)
    coderay (0.9.8)
    hiredis (0.3.2)
    hoptoad_notifier (2.4.11)
      activesupport
      builder
    hpricot (0.8.4)
    json (1.5.3)
    kgio (2.5.0)
    memcache-client (1.8.5)
    mime-types (1.16)
    mini_magick (3.3)
      subexec (~> 0.1.0)
    mysql (2.8.1)
    newrelic_rpm (3.1.0)
    nokogiri (1.4.4)
    rack (1.1.2)
    rails (2.3.8)
      actionmailer (= 2.3.8)
      actionpack (= 2.3.8)
      activerecord (= 2.3.8)
      activeresource (= 2.3.8)
      activesupport (= 2.3.8)
      rake (>= 0.8.3)
    raindrops (0.7.0)
    rake (0.9.2)
    redis (2.2.1)
    redis-namespace (1.0.3)
      redis (< 3.0.0)
    resque (1.17.1)
      json (>= 1.4.6, < 1.6)
      redis-namespace (~> 1.0.2)
      sinatra (>= 0.9.2)
      vegas (~> 0.1.2)
    resque-lock (0.1.1)
    riddle (1.3.3)
    ruby-openid (2.1.8)
    russian (0.2.7)
    sinatra (1.2.6)
      rack (~> 1.1)
      tilt (>= 1.2.2, < 2.0)
    subexec (0.1.0)
    system_timer (1.2.4)
    thinking-sphinx (1.4.6)
      activerecord (< 3.0.0, >= 1.15.6)
      after_commit (>= 1.0.7)
      riddle (>= 1.3.3)
    tilt (1.3.2)
    ts-datetime-delta (1.0.2)
      thinking-sphinx (>= 1.3.8)
    unicorn (4.0.1)
      kgio (~> 2.4)
      rack
      raindrops (~> 0.6)
    vegas (0.1.8)
      rack (>= 1.0.0)
    whenever (0.6.8)
      aaronh-chronic (>= 0.3.9)
      activesupport (>= 2.3.4)
    will_paginate (2.3.15)

PLATFORMS
  ruby

DEPENDENCIES
  RubyInline
  annotate
  coderay
  hiredis (~> 0.3.0)
  hoptoad_notifier
  hpricot
  json
  memcache-client
  mime-types
  mini_magick
  mysql
  newrelic_rpm
  nokogiri
  rails (= 2.3.8)
  rake
  redis (>= 2.0.0)
  resque
  resque-lock
  ruby-openid
  russian
  system_timer
  thinking-sphinx
  ts-datetime-delta (>= 1.0.0)
  unicorn
  whenever
  will_paginate (>= 2.2.2)
