GEM
  remote: http://rubygems.org/
  remote: http://gems.rubyforge.org/
  remote: http://gemcutter.org/
  specs:
    RubyInline (3.9.0)
      ZenTest (~> 4.3)
    ZenTest (4.5.0)
    aaronh-chronic (0.3.9)
    actionmailer (2.3.8)
      actionpack (= 2.3.8)
    actionpack (2.3.8)
      activesupport (= 2.3.8)
      rack (~> 1.1.0)
    activerecord (2.3.8)
      activesupport (= 2.3.8)
    activeresource (2.3.8)
      activesupport (= 2.3.8)
    activesupport (2.3.8)
    after_commit (1.0.8)
      activerecord (< 3.0.0)
    annotate (2.4.0)
    builder (3.0.0)
    coderay (0.9.7)
    hiredis (0.3.1)
    hoptoad_notifier (2.4.7)
      activesupport
      builder
    hpricot (0.8.4)
    image_science (1.2.1)
    json (1.5.1)
    json_pure (1.4.6)
    kgio (2.3.3)
    memcache-client (1.8.5)
    mime-types (1.16)
    mysql (2.8.1)
    newrelic_rpm (2.13.4)
    rack (1.1.2)
    rails (2.3.8)
      actionmailer (= 2.3.8)
      actionpack (= 2.3.8)
      activerecord (= 2.3.8)
      activeresource (= 2.3.8)
      activesupport (= 2.3.8)
      rake (>= 0.8.3)
    rake (0.8.7)
    redis (2.1.1)
    redis-namespace (0.8.0)
      redis (< 3.0.0)
    resque (1.9.10)
      json_pure (~> 1.4.0)
      redis-namespace (~> 0.8.0)
      sinatra (>= 0.9.2)
      vegas (~> 0.1.2)
    resque-lock (0.1.1)
    riddle (1.2.2)
    ruby-openid (2.1.8)
    russian (0.2.7)
    sinatra (1.2.1)
      rack (~> 1.1)
      tilt (>= 1.2.2, < 2.0)
    system_timer (1.0)
    thinking-sphinx (1.4.3)
      activerecord (>= 1.15.6, < 3.0.0)
      after_commit (>= 1.0.7)
      riddle (>= 1.2.2)
    tilt (1.2.2)
    ts-datetime-delta (1.0.2)
      thinking-sphinx (>= 1.3.8)
    unicorn (3.5.0)
      kgio (~> 2.3)
      rack
    vegas (0.1.8)
      rack (>= 1.0.0)
    whenever (0.6.6)
      aaronh-chronic (>= 0.3.9)
      activesupport (>= 2.3.4)
    will_paginate (2.3.15)

PLATFORMS
  ruby

DEPENDENCIES
  RubyInline
  annotate
  coderay
  hiredis (~> 0.3.0)
  hoptoad_notifier
  hpricot
  image_science (>= 1.1.3)
  json
  memcache-client
  mime-types
  mysql
  newrelic_rpm
  rails (= 2.3.8)
  rake
  redis (>= 2.0.0)
  resque
  resque-lock
  ruby-openid
  russian
  system_timer
  thinking-sphinx
  ts-datetime-delta (>= 1.0.0)
  unicorn
  whenever
  will_paginate (>= 2.2.2)
