GEM
  remote: http://rubygems.org/
  remote: http://gems.rubyforge.org/
  remote: http://gemcutter.org/
  specs:
    activemodel (3.0.4)
      activesupport (= 3.0.4)
      builder (~> 2.1.2)
      i18n (~> 0.4)
    activerecord (3.0.4)
      activemodel (= 3.0.4)
      activesupport (= 3.0.4)
      arel (~> 2.0.2)
      tzinfo (~> 0.3.23)
    activesupport (3.0.4)
    arel (2.0.8)
    builder (2.1.2)
    coderay (0.9.7)
    hpricot (0.8.3)
    i18n (0.5.0)
    image_science (1.2.1)
    memcache-client (1.8.5)
    mysql (2.8.1)
    redis (2.1.1)
    riddle (1.2.2)
    ruby-openid (2.1.8)
    russian (0.2.7)
    thinking-sphinx (2.0.2)
      activerecord (>= 3.0.3)
      riddle (>= 1.2.2)
    ts-datetime-delta (1.0.2)
      thinking-sphinx (>= 1.3.8)
    tzinfo (0.3.24)
    will_paginate (2.3.15)

PLATFORMS
  ruby

DEPENDENCIES
  coderay
  hpricot
  image_science (>= 1.1.3)
  memcache-client
  mysql
  redis (>= 2.0.0)
  ruby-openid
  russian
  thinking-sphinx
  ts-datetime-delta (>= 1.0.0)
  will_paginate (>= 2.2.2)
