GEM
  remote: http://rubygems.org/
  specs:
    actionmailer (2.3.14)
      actionpack (= 2.3.14)
    actionpack (2.3.14)
      activesupport (= 2.3.14)
      rack (~> 1.1.0)
    activerecord (2.3.14)
      activesupport (= 2.3.14)
    activeresource (2.3.14)
      activesupport (= 2.3.14)
    activesupport (2.3.14)
    after_commit (1.0.10)
      activerecord (< 3.0.0, >= 1.15.6)
    annotate (2.4.0)
    builder (3.0.0)
    chronic (0.6.6)
    chunky_png (1.2.1)
    coderay (0.9.8)
    compass (0.11.5)
      chunky_png (~> 1.2)
      fssm (>= 0.2.7)
      sass (~> 3.1)
    crack (0.1.8)
    execjs (1.2.13)
      multi_json (~> 1.0)
    fssm (0.2.7)
    haml (3.1.2)
    hiredis (0.4.4)
    hoptoad_notifier (2.4.11)
      activesupport
      builder
    hpricot (0.8.4)
    json (1.5.3)
    kgio (2.7.2)
    libv8 (3.3.10.2)
    memcache-client (1.8.5)
    mime-types (1.16)
    mini_magick (3.3)
      subexec (~> 0.1.0)
    multi_json (1.0.4)
    mysql (2.8.1)
    newrelic_rpm (3.3.0)
    paperclip (2.3.9)
      activerecord (~> 2.3.0)
      activesupport (~> 2.3.2)
    paperclip-meta (0.2)
      paperclip
    rack (1.1.3)
    rails (2.3.14)
      actionmailer (= 2.3.14)
      actionpack (= 2.3.14)
      activerecord (= 2.3.14)
      activeresource (= 2.3.14)
      activesupport (= 2.3.14)
      rake (>= 0.8.3)
    raindrops (0.8.0)
    rake (0.9.2)
    rdoc (3.9.2)
    redis (2.2.2)
    redis-namespace (1.0.3)
      redis (< 3.0.0)
    resque (1.18.1)
      multi_json (~> 1.0)
      redis-namespace (~> 1.0.2)
      sinatra (>= 0.9.2)
      vegas (~> 0.1.2)
    resque-lock (1.0.0)
    riddle (1.4.0)
    ruby-openid (2.1.8)
    russian (0.2.7)
    sass (3.1.7)
    savon (0.7.9)
      builder (>= 2.1.2)
      crack (>= 0.1.4)
    sinatra (1.2.6)
      rack (~> 1.1)
      tilt (>= 1.2.2, < 2.0)
    subexec (0.1.0)
    system_timer (1.2.4)
    therubyracer (0.9.3)
      libv8 (~> 3.3.10)
    thinking-sphinx (1.4.6)
      activerecord (< 3.0.0, >= 1.15.6)
      after_commit (>= 1.0.7)
      riddle (>= 1.3.3)
    tilt (1.3.2)
    ts-datetime-delta (1.0.2)
      thinking-sphinx (>= 1.3.8)
    uglifier (1.2.1)
      execjs (>= 0.3.0)
      multi_json (>= 1.0.2)
    unicorn (4.1.1)
      kgio (~> 2.4)
      rack
      raindrops (~> 0.6)
    vegas (0.1.8)
      rack (>= 1.0.0)
    whenever (0.7.2)
      activesupport (>= 2.3.4)
      chronic (~> 0.6.3)
    will_paginate (2.3.16)

PLATFORMS
  ruby

DEPENDENCIES
  annotate
  coderay
  compass
  haml
  hiredis (~> 0.4.0)
  hoptoad_notifier
  hpricot
  json
  memcache-client
  mime-types
  mini_magick
  mysql
  newrelic_rpm
  paperclip (= 2.3.9)
  paperclip-meta
  rails (= 2.3.14)
  rake
  rdoc
  redis (>= 2.2.0)
  resque
  resque-lock
  ruby-openid
  russian
  sass
  savon (= 0.7.9)
  system_timer
  therubyracer
  thinking-sphinx
  ts-datetime-delta (>= 1.0.0)
  uglifier
  unicorn
  whenever
  will_paginate (~> 2.3.16)
