GEM
  remote: http://rubygems.org/
  remote: http://gems.rubyforge.org/
  remote: http://gemcutter.org/
  specs:
    RubyInline (3.9.0)
      ZenTest (~> 4.3)
    ZenTest (4.5.0)
    actionmailer (2.3.8)
      actionpack (= 2.3.8)
    actionpack (2.3.8)
      activesupport (= 2.3.8)
      rack (~> 1.1.0)
    activerecord (2.3.8)
      activesupport (= 2.3.8)
    activeresource (2.3.8)
      activesupport (= 2.3.8)
    activesupport (2.3.8)
    after_commit (1.0.8)
      activerecord (< 3.0.0)
    coderay (0.9.7)
    hiredis (0.3.1)
    hpricot (0.8.3)
    image_science (1.2.1)
    kgio (2.3.2)
    memcache-client (1.8.5)
    mysql (2.8.1)
    rack (1.1.0)
    rails (2.3.8)
      actionmailer (= 2.3.8)
      actionpack (= 2.3.8)
      activerecord (= 2.3.8)
      activeresource (= 2.3.8)
      activesupport (= 2.3.8)
      rake (>= 0.8.3)
    rake (0.8.7)
    redis (2.1.1)
    riddle (1.2.2)
    ruby-openid (2.1.8)
    russian (0.2.7)
    system_timer (1.0)
    thinking-sphinx (1.4.3)
      activerecord (>= 1.15.6, < 3.0.0)
      after_commit (>= 1.0.7)
      riddle (>= 1.2.2)
    ts-datetime-delta (1.0.2)
      thinking-sphinx (>= 1.3.8)
    unicorn (3.4.0)
      kgio (~> 2.2)
      rack
    will_paginate (2.3.15)

PLATFORMS
  ruby

DEPENDENCIES
  RubyInline
  coderay
  hiredis (~> 0.3.0)
  hpricot
  image_science (>= 1.1.3)
  memcache-client
  mysql
  rails (= 2.3.8)
  redis (>= 2.0.0)
  ruby-openid
  russian
  system_timer
  thinking-sphinx
  ts-datetime-delta (>= 1.0.0)
  unicorn
  will_paginate (>= 2.2.2)
